GEM
  remote: https://rubygems.org/
  specs:
    libxml-ruby (2.9.0)
    ratom (0.9.0)
      libxml-ruby (~> 2.6)
    require_all (2.0.0)

PLATFORMS
  ruby

DEPENDENCIES
  ratom
  require_all

BUNDLED WITH
   1.17.2
